GEM
  remote: http://rubygems.org/
  specs:
    json (1.7.5)
    nokogiri (1.5.5)
    rake (10.0.2)

PLATFORMS
  ruby

DEPENDENCIES
  json
  nokogiri
  rake
